GIT
  remote: git://github.com/maccman/guard-sprockets2.git
  revision: c5ba5979959b480f90e59e015ebc855a70e6e50a
  specs:
    guard-sprockets2 (0.0.2)
      guard
      sprockets (~> 2.0)

GIT
  remote: git://github.com/maccman/sprockets-commonjs.git
  revision: 627dc367068299e514b2186b986c3ebb4c5cde6e
  specs:
    sprockets-commonjs (0.0.1)
      sprockets (~> 2.3.1)

GEM
  remote: http://rubygems.org/
  specs:
    archive-tar-minitar (0.5.2)
    backports (2.3.0)
    coffee-script (2.2.0)
      coffee-script-source
      execjs
    coffee-script-source (1.2.0)
    columnize (0.3.6)
    daemons (1.1.8)
    eco (1.0.0)
      coffee-script
      eco-source
      execjs
    eco-source (1.1.0.rc.1)
    eventmachine (0.12.10)
    execjs (1.3.0)
      multi_json (~> 1.0)
    ffi (1.0.11)
    growl (1.0.3)
    guard (1.0.1)
      ffi (>= 0.5.0)
      thor (~> 0.14.6)
    hike (1.2.1)
    json (1.6.5)
    linecache19 (0.5.12)
      ruby_core_source (>= 0.1.4)
    multi_json (1.1.0)
    rack (1.4.1)
    rack-protection (1.2.0)
      rack
    rack-test (0.6.1)
      rack (>= 1.0)
    rb-fsevent (0.9.0)
    ruby-debug-base19 (0.11.25)
      columnize (>= 0.3.1)
      linecache19 (>= 0.5.11)
      ruby_core_source (>= 0.1.4)
    ruby-debug19 (0.11.6)
      columnize (>= 0.3.1)
      linecache19 (>= 0.5.11)
      ruby-debug-base19 (>= 0.11.19)
    ruby_core_source (0.1.5)
      archive-tar-minitar (>= 0.5.2)
    sinatra (1.3.2)
      rack (~> 1.3, >= 1.3.6)
      rack-protection (~> 1.2)
      tilt (~> 1.3, >= 1.3.3)
    sinatra-contrib (1.3.1)
      backports (>= 2.0)
      eventmachine
      rack-protection
      rack-test
      sinatra (~> 1.3.0)
      tilt (~> 1.3)
    sprockets (2.3.1)
      hike (~> 1.2)
      multi_json (~> 1.0)
      rack (~> 1.0)
      tilt (~> 1.1, != 1.3.0)
    stylus (0.4.1)
      execjs
      stylus-source
    stylus-source (0.24.0)
    thin (1.3.1)
      daemons (>= 1.0.9)
      eventmachine (>= 0.12.6)
      rack (>= 1.0.0)
    thor (0.14.6)
    tilt (1.3.3)
    uglifier (1.2.3)
      execjs (>= 0.3.0)
      multi_json (>= 1.0.2)

PLATFORMS
  ruby

DEPENDENCIES
  coffee-script
  eco
  growl
  guard-sprockets2!
  json
  rack
  rb-fsevent
  ruby-debug19
  sinatra
  sinatra-contrib
  sprockets
  sprockets-commonjs!
  stylus
  thin
  uglifier
